PATH
  remote: .
  specs:
    camel_race (0.1.0)
      ohm (~> 3.0)

GEM
  remote: https://rubygems.org/
  specs:
    diff-lcs (1.3)
    hiredis (0.6.1)
    nest (3.1.1)
      redic
    ohm (3.1.1)
      nest (~> 3)
      redic (~> 1.5.0)
      stal
    rake (10.5.0)
    redic (1.5.0)
      hiredis
    rspec (3.7.0)
      rspec-core (~> 3.7.0)
      rspec-expectations (~> 3.7.0)
      rspec-mocks (~> 3.7.0)
    rspec-core (3.7.0)
      rspec-support (~> 3.7.0)
    rspec-expectations (3.7.0)
      diff-lcs (>= 1.2.0, < 2.0)
      rspec-support (~> 3.7.0)
    rspec-mocks (3.7.0)
      diff-lcs (>= 1.2.0, < 2.0)
      rspec-support (~> 3.7.0)
    rspec-support (3.7.0)
    stal (0.3.0)
      redic (~> 1.5)

PLATFORMS
  ruby

DEPENDENCIES
  bundler (~> 1.16)
  camel_race!
  rake (~> 10.0)
  rspec (~> 3.0)

BUNDLED WITH
   1.16.0
